GIT
  remote: git://github.com/envato/iodized2_ruby_client.git
  revision: d5d11e2531686cc1059ecbfcca3da5183c270a31
  branch: master
  specs:
    iodized2_ruby_client (0.1.0)

GEM
  remote: https://rubygems.org/
  specs:
    mustermann (1.0.3)
    rack (2.0.7)
    rack-protection (2.0.5)
      rack
    sinatra (2.0.5)
      mustermann (~> 1.0)
      rack (~> 2.0)
      rack-protection (= 2.0.5)
      tilt (~> 2.0)
    tilt (2.0.9)

PLATFORMS
  ruby

DEPENDENCIES
  iodized2_ruby_client!
  sinatra

BUNDLED WITH
   2.0.1
