GIT
  remote: https://github.com/envato/iodized2_ruby_client
  revision: bb8394f6bcde88c7e44bc7444aa796528de53082
  branch: master
  specs:
    iodized2_ruby_client (0.1.0)
      faye-websocket

GEM
  remote: https://rubygems.org/
  specs:
    eventmachine (1.2.7)
    faye-websocket (0.10.7)
      eventmachine (>= 0.12.0)
      websocket-driver (>= 0.5.1)
    mustermann (1.0.3)
    puma (3.12.1)
    rack (2.0.7)
    rack-protection (2.0.5)
      rack
    sinatra (2.0.5)
      mustermann (~> 1.0)
      rack (~> 2.0)
      rack-protection (= 2.0.5)
      tilt (~> 2.0)
    tilt (2.0.9)
    websocket-driver (0.7.0)
      websocket-extensions (>= 0.1.0)
    websocket-extensions (0.1.3)

PLATFORMS
  ruby

DEPENDENCIES
  iodized2_ruby_client!
  puma
  sinatra

BUNDLED WITH
   2.0.1
