GIT
  remote: https://github.com/envato/iodized2_ruby_client
  revision: 71f5fcb24fc5ad77a1c849a4eb0d71fa913d57a5
  branch: master
  specs:
    iodized2_ruby_client (0.1.0)
      websocket-driver

GEM
  remote: https://rubygems.org/
  specs:
    mustermann (1.0.3)
    rack (2.0.7)
    rack-protection (2.0.5)
      rack
    sinatra (2.0.5)
      mustermann (~> 1.0)
      rack (~> 2.0)
      rack-protection (= 2.0.5)
      tilt (~> 2.0)
    tilt (2.0.9)
    websocket-driver (0.7.0)
      websocket-extensions (>= 0.1.0)
    websocket-extensions (0.1.3)

PLATFORMS
  ruby

DEPENDENCIES
  iodized2_ruby_client!
  sinatra

BUNDLED WITH
   2.0.1
