GIT
  remote: git://github.com/envato/iodized2_ruby_client.git
  revision: 28915a3357f43b5de38517fa1977d71c63f8fd0d
  branch: master
  specs:
    iodized2_ruby_client (0.1.0)

GEM
  remote: https://rubygems.org/
  specs:
    mustermann (1.0.3)
    rack (2.0.7)
    rack-protection (2.0.5)
      rack
    sinatra (2.0.5)
      mustermann (~> 1.0)
      rack (~> 2.0)
      rack-protection (= 2.0.5)
      tilt (~> 2.0)
    tilt (2.0.9)

PLATFORMS
  ruby

DEPENDENCIES
  iodized2_ruby_client!
  sinatra

BUNDLED WITH
   2.0.1
